GIT
  remote: https://github.com/cloudfoundry/uaa.git
  revision: 603bb76ce8e369546e62402248d28ab9e87ef886
  ref: 603bb76ce8
  specs:
    cf-uaa-client (1.2.4)
      em-http-request (>= 1.0.0.beta.3)
      eventmachine
      highline
      launchy
      rest-client
      yajl-ruby

PATH
  remote: .
  specs:
    omniauth-uaa-oauth2 (0.0.1)
      cf-uaa-client
      cf-uaa-client (~> 1.2)
      omniauth (~> 1.0)

GEM
  remote: http://rubygems.org/
  specs:
    addressable (2.3.2)
    cookiejar (0.3.0)
    diff-lcs (1.1.3)
    em-http-request (1.0.3)
      addressable (>= 2.2.3)
      cookiejar
      em-socksify
      eventmachine (>= 1.0.0.beta.4)
      http_parser.rb (>= 0.5.3)
    em-socksify (0.2.1)
      eventmachine (>= 1.0.0.beta.4)
    eventmachine (1.0.0)
    hashie (1.2.0)
    highline (1.6.15)
    http_parser.rb (0.5.3)
    launchy (2.1.2)
      addressable (~> 2.3)
    mime-types (1.19)
    omniauth (1.1.1)
      hashie (~> 1.2)
      rack
    rack (1.4.1)
    rack-protection (1.2.0)
      rack
    rake (0.9.2.2)
    rest-client (1.6.7)
      mime-types (>= 1.16)
    rspec (2.6.0)
      rspec-core (~> 2.6.0)
      rspec-expectations (~> 2.6.0)
      rspec-mocks (~> 2.6.0)
    rspec-core (2.6.4)
    rspec-expectations (2.6.0)
      diff-lcs (~> 1.1.2)
    rspec-mocks (2.6.0)
    sinatra (1.3.3)
      rack (~> 1.3, >= 1.3.6)
      rack-protection (~> 1.2)
      tilt (~> 1.3, >= 1.3.3)
    tilt (1.3.3)
    yajl-ruby (1.1.0)

PLATFORMS
  ruby

DEPENDENCIES
  cf-uaa-client (~> 1.2)!
  omniauth-uaa-oauth2!
  rake
  rspec (~> 2.6.0)
  sinatra
